RESTRICTION: >= net45
NUGET
  remote: https://www.nuget.org/api/v2
    FAKE (4.63)
    Octokit (0.24)
GITHUB
  remote: fsprojects/FSharp.TypeProviders.StarterPack
    src/ProvidedTypes.fs (1341256f7cc11f09feb74edde028aa0513c53afd)
  remote: fsharp/FAKE
    modules/Octokit/Octokit.fsx (0bde6564e7a9218200cee8c74b71d67fbe66fe51)
      Octokit (>= 0.20)